STORAGE: NONE
NUGET
  remote: https://api.nuget.org/v3/index.json
    FSharp.Core (8.0.200) - restriction: >= netstandard2.0
    FSharp.UMX (1.1)
      FSharp.Core (>= 4.3.4) - restriction: >= netstandard2.0
